GEM
  remote: https://rubygems.org/
  specs:
    addressable (2.3.2)
    celluloid (0.12.2)
      facter (>= 1.6.12)
      timers (>= 1.0.0)
    connection_pool (0.9.2)
    cookiejar (0.3.0)
    crack (0.3.1)
    em-http-request (1.0.3)
      addressable (>= 2.2.3)
      cookiejar
      em-socksify
      eventmachine (>= 1.0.0.beta.4)
      http_parser.rb (>= 0.5.3)
    em-socksify (0.2.1)
      eventmachine (>= 1.0.0.beta.4)
    em-synchrony (1.0.2)
      eventmachine (>= 1.0.0.beta.1)
    eventmachine (1.0.0)
    facter (1.6.13)
    gibberish (1.2.0)
    http_parser.rb (0.5.3)
    msgpack (0.4.7)
    multi_json (1.3.7)
    rake (10.0.2)
    redis (3.0.2)
    redis-namespace (1.2.1)
      redis (~> 3.0.0)
    sidekiq (2.4.0)
      celluloid (~> 0.12.0)
      connection_pool (~> 0.9.2)
      multi_json (~> 1)
      redis (~> 3)
      redis-namespace
    test-unit (2.5.2)
    timers (1.0.1)
    webmock (1.8.11)
      addressable (>= 2.2.7)
      crack (>= 0.1.7)

PLATFORMS
  ruby

DEPENDENCIES
  em-http-request
  em-synchrony
  gibberish
  msgpack
  rake
  sidekiq
  test-unit
  webmock
